GEM
  remote: https://rubygems.org/
  specs:

PLATFORMS
  arm64-darwin-20
  x86_64-darwin-17

DEPENDENCIES

BUNDLED WITH
   2.2.22
