GEM
  remote: https://rubygems.org/
  specs:
    lazy_priority_queue (0.1.1)

PLATFORMS
  arm64-darwin-20
  x86_64-darwin-17

DEPENDENCIES
  lazy_priority_queue

BUNDLED WITH
   2.2.22
